GEM
  remote: https://rubygems.org/
  specs:
    RedCloth (4.2.9)
    activesupport (5.0.0.1)
      concurrent-ruby (~> 1.0, >= 1.0.2)
      i18n (~> 0.7)
      minitest (~> 5.1)
      tzinfo (~> 1.1)
    addressable (2.3.8)
    autoprefixer-rails (5.1.11)
      execjs
      json
    blankslate (2.1.2.4)
    breakpoint (2.5.0)
      sass (~> 3.3)
      sassy-maps (< 1.0.0)
    chunky_png (1.3.7)
    classifier-reborn (2.0.4)
      fast-stemmer (~> 1.0)
    coffee-script (2.4.1)
      coffee-script-source
      execjs
    coffee-script-source (1.10.0)
    colorator (0.1)
    compass (1.0.3)
      chunky_png (~> 1.2)
      compass-core (~> 1.0.2)
      compass-import-once (~> 1.0.5)
      rb-fsevent (>= 0.9.3)
      rb-inotify (>= 0.9)
      sass (>= 3.3.13, < 3.5)
    compass-core (1.0.3)
      multi_json (~> 1.0)
      sass (>= 3.3.0, < 3.5)
    compass-import-once (1.0.5)
      sass (>= 3.2, < 3.5)
    compass-normalize (1.5)
      compass (>= 0.12.0)
    concurrent-ruby (1.0.2)
    css_press (0.3.2)
      csspool-st (= 3.1.2)
      json
    csspool-st (3.1.2)
    ethon (0.9.1)
      ffi (>= 1.3.0)
    execjs (2.7.0)
    faraday (0.9.2)
      multipart-post (>= 1.2, < 3)
    fast-stemmer (1.0.2)
    fastimage (1.9.0)
      addressable (~> 2.3.5)
    ffi (1.9.14)
    font-awesome-sass (4.4.0)
      sass (>= 3.2)
    gemoji (2.1.0)
    github-pages (33)
      RedCloth (= 4.2.9)
      github-pages-health-check (~> 0.2)
      jekyll (= 2.4.0)
      jekyll-coffeescript (= 1.0.1)
      jekyll-mentions (= 0.2.1)
      jekyll-redirect-from (= 0.6.2)
      jekyll-sass-converter (= 1.2.0)
      jekyll-sitemap (= 0.6.3)
      jemoji (= 0.4.0)
      kramdown (= 1.5.0)
      liquid (= 2.6.1)
      maruku (= 0.7.0)
      mercenary (~> 0.3)
      pygments.rb (= 0.6.1)
      rdiscount (= 2.1.7)
      redcarpet (= 3.1.2)
      terminal-table (~> 1.4)
    github-pages-health-check (0.6.1)
      addressable (~> 2.3)
      net-dns (~> 0.8)
      public_suffix (~> 1.4)
      typhoeus (~> 0.7)
    hike (1.2.3)
    html-pipeline (1.9.0)
      activesupport (>= 2)
      nokogiri (~> 1.4)
    html_press (0.8.2)
      htmlentities
      multi_css (>= 0.1.0)
      multi_js (>= 0.1.0)
    htmlentities (4.3.4)
    i18n (0.7.0)
    jekyll (2.4.0)
      classifier-reborn (~> 2.0)
      colorator (~> 0.1)
      jekyll-coffeescript (~> 1.0)
      jekyll-gist (~> 1.0)
      jekyll-paginate (~> 1.0)
      jekyll-sass-converter (~> 1.0)
      jekyll-watch (~> 1.1)
      kramdown (~> 1.3)
      liquid (~> 2.6.1)
      mercenary (~> 0.3.3)
      pygments.rb (~> 0.6.0)
      redcarpet (~> 3.1)
      safe_yaml (~> 1.0)
      toml (~> 0.1.0)
    jekyll-assets (0.14.0)
      fastimage (~> 1.6)
      jekyll (~> 2.0)
      mini_magick (~> 4.1)
      sass (~> 3.2)
      sprockets (~> 2.10)
      sprockets-helpers
      sprockets-sass
    jekyll-coffeescript (1.0.1)
      coffee-script (~> 2.2)
    jekyll-gist (1.4.0)
      octokit (~> 4.2)
    jekyll-mentions (0.2.1)
      html-pipeline (~> 1.9.0)
      jekyll (~> 2.0)
    jekyll-paginate (1.1.0)
    jekyll-redirect-from (0.6.2)
      jekyll (~> 2.0)
    jekyll-sass-converter (1.2.0)
      sass (~> 3.2)
    jekyll-sitemap (0.6.3)
    jekyll-watch (1.5.0)
      listen (~> 3.0, < 3.1)
    jemoji (0.4.0)
      gemoji (~> 2.0)
      html-pipeline (~> 1.9)
      jekyll (~> 2.0)
    json (2.0.2)
    kramdown (1.5.0)
    liquid (2.6.1)
    listen (3.0.8)
      rb-fsevent (~> 0.9, >= 0.9.4)
      rb-inotify (~> 0.9, >= 0.9.7)
    maruku (0.7.0)
    mercenary (0.3.6)
    mini_magick (4.5.1)
    mini_portile2 (2.1.0)
    minitest (5.9.1)
    multi_css (0.1.0)
      css_press
    multi_js (0.1.0)
      uglifier (~> 2)
    multi_json (1.12.1)
    multipart-post (2.0.0)
    net-dns (0.8.0)
    nokogiri (1.6.8.1)
      mini_portile2 (~> 2.1.0)
    octokit (4.4.1)
      sawyer (~> 0.7.0, >= 0.5.3)
    octopress-hooks (2.6.2)
      jekyll (>= 2.0)
    octopress-minify-html (1.2.4)
      html_press (~> 0.8)
      jekyll (~> 2.0)
      octopress-hooks
    parslet (1.5.0)
      blankslate (~> 2.0)
    posix-spawn (0.3.11)
    public_suffix (1.5.3)
    pygments.rb (0.6.1)
      posix-spawn (~> 0.3.6)
      yajl-ruby (~> 1.2.0)
    rack (1.6.4)
    rack-jekyll (0.3.5)
      jekyll
      rack
    rake (10.5.0)
    rake-jekyll (1.1.0)
      rake (~> 10.0)
    rb-fsevent (0.9.8)
    rb-inotify (0.9.7)
      ffi (>= 0.5.0)
    rdiscount (2.1.7)
    redcarpet (3.1.2)
    respond-to (2.6)
      breakpoint (>= 1.3)
    rubyzip (1.1.7)
    safe_yaml (1.0.4)
    sass (3.4.22)
    sassy-maps (0.4.0)
      sass (~> 3.3)
    sawyer (0.7.0)
      addressable (>= 2.3.5, < 2.5)
      faraday (~> 0.8, < 0.10)
    sprockets (2.12.4)
      hike (~> 1.2)
      multi_json (~> 1.0)
      rack (~> 1.0)
      tilt (~> 1.1, != 1.3.0)
    sprockets-helpers (1.2.1)
      sprockets (>= 2.2)
    sprockets-sass (1.3.1)
      sprockets (~> 2.0)
      tilt (~> 1.1)
    terminal-table (1.7.3)
      unicode-display_width (~> 1.1.1)
    thread_safe (0.3.5)
    tilt (1.4.1)
    toml (0.1.2)
      parslet (~> 1.5.0)
    typhoeus (0.8.0)
      ethon (>= 0.8.0)
    tzinfo (1.2.2)
      thread_safe (~> 0.1)
    uglifier (2.7.1)
      execjs (>= 0.3.0)
      json (>= 1.8.0)
    unicode-display_width (1.1.1)
    yajl-ruby (1.2.1)

PLATFORMS
  ruby

DEPENDENCIES
  autoprefixer-rails (= 5.1.11)
  breakpoint (= 2.5.0)
  bundler (= 1.13.6)
  compass (> 1.0)
  compass-normalize (= 1.5)
  font-awesome-sass (~> 4.4.0)
  github-pages (= 33)
  jekyll (= 2.4.0)
  jekyll-assets (= 0.14.0)
  jekyll-redirect-from
  jekyll-sitemap (~> 0.6.3)
  kramdown (= 1.5.0)
  octopress-minify-html (= 1.2.4)
  rack-jekyll (= 0.3.5)
  rake-jekyll (= 1.1.0)
  respond-to (= 2.6)
  rubyzip (= 1.1.7)
  sass (>= 3.4)
  uglifier (= 2.7.1)

BUNDLED WITH
   1.13.6
